PATH
  remote: .
  specs:
    puppet (2.7.19)
      facter (~> 1.5)

GEM
  remote: http://rubygems.org/
  specs:
    diff-lcs (1.1.3)
    facter (1.6.11)
    metaclass (0.0.1)
    mocha (0.10.5)
      metaclass (~> 0.0.1)
    rack (1.4.1)
    rspec (2.10.0)
      rspec-core (~> 2.10.0)
      rspec-expectations (~> 2.10.0)
      rspec-mocks (~> 2.10.0)
    rspec-core (2.10.1)
    rspec-expectations (2.10.0)
      diff-lcs (~> 1.1.3)
    rspec-mocks (2.10.1)

PLATFORMS
  ruby

DEPENDENCIES
  facter (~> 1.6.4)
  mocha (~> 0.10.5)
  puppet!
  rack (~> 1.4.1)
  rspec (~> 2.10.0)
  sys-admin (~> 1.5.6)
  win32-api (~> 1.4.8)
  win32-dir (~> 0.3.7)
  win32-eventlog (~> 0.5.3)
  win32-process (~> 0.6.5)
  win32-security (~> 0.1.2)
  win32-service (~> 0.7.2)
  win32-taskscheduler (~> 0.2.2)
  win32console (~> 1.3.2)
  windows-api (~> 0.4.1)
  windows-pr (~> 1.2.1)
